GEM
  remote: http://rubygems.org/
  specs:
    mime-types (1.24)
    rack (1.5.2)
    rest-client (1.6.7)
      mime-types (>= 1.16)
    rulers (0.0.1)
      rack
      rest-client

PLATFORMS
  ruby

DEPENDENCIES
  rulers
